GIT
  remote: git://github.com/activeadmin/activeadmin.git
  revision: b8123d60187f2895582814d8a6baae71ddcc1fe1
  specs:
    activeadmin (1.0.0.pre2)
      arbre (~> 1.0, >= 1.0.2)
      bourbon
      coffee-rails
      formtastic (~> 3.1)
      formtastic_i18n
      inherited_resources (~> 1.6)
      jquery-rails
      jquery-ui-rails
      kaminari (~> 0.15)
      rails (>= 3.2, < 5.0)
      ransack (~> 1.3)
      sass-rails
      sprockets (< 4)

GIT
  remote: git://github.com/farmisen/bulma-rails.git
  revision: 9eace3dddfd7e9ee885f9f123819778650ec49d8
  specs:
    bulma-rails (0.0.15)
      sass (~> 3.2)

GEM
  remote: https://rubygems.org/
  specs:
    actionmailer (4.2.5.1)
      actionpack (= 4.2.5.1)
      actionview (= 4.2.5.1)
      activejob (= 4.2.5.1)
      mail (~> 2.5, >= 2.5.4)
      rails-dom-testing (~> 1.0, >= 1.0.5)
    actionpack (4.2.5.1)
      actionview (= 4.2.5.1)
      activesupport (= 4.2.5.1)
      rack (~> 1.6)
      rack-test (~> 0.6.2)
      rails-dom-testing (~> 1.0, >= 1.0.5)
      rails-html-sanitizer (~> 1.0, >= 1.0.2)
    actionview (4.2.5.1)
      activesupport (= 4.2.5.1)
      builder (~> 3.1)
      erubis (~> 2.7.0)
      rails-dom-testing (~> 1.0, >= 1.0.5)
      rails-html-sanitizer (~> 1.0, >= 1.0.2)
    activejob (4.2.5.1)
      activesupport (= 4.2.5.1)
      globalid (>= 0.3.0)
    activemerchant (1.59.0)
      activesupport (>= 3.2.14, < 5.1)
      builder (>= 2.1.2, < 4.0.0)
      i18n (>= 0.6.9)
      nokogiri (~> 1.4)
    activemodel (4.2.5.1)
      activesupport (= 4.2.5.1)
      builder (~> 3.1)
    activerecord (4.2.5.1)
      activemodel (= 4.2.5.1)
      activesupport (= 4.2.5.1)
      arel (~> 6.0)
    activesupport (4.2.5.1)
      i18n (~> 0.7)
      json (~> 1.7, >= 1.7.7)
      minitest (~> 5.1)
      thread_safe (~> 0.3, >= 0.3.4)
      tzinfo (~> 1.1)
    addressable (2.4.0)
    airbrussh (1.0.2)
      sshkit (>= 1.6.1, != 1.7.0)
    arbre (1.0.3)
      activesupport (>= 3.0.0)
    arel (6.0.3)
    authorizenet (1.8.9.1)
      nokogiri (~> 1.6, >= 1.6.4)
      roxml (= 3.3.1)
    autoprefixer-rails (6.3.6.1)
      execjs
    awesome_print (1.6.1)
    axiom-types (0.1.1)
      descendants_tracker (~> 0.0.4)
      ice_nine (~> 0.11.0)
      thread_safe (~> 0.3, >= 0.3.1)
    babel-source (5.8.35)
    babel-transpiler (0.7.0)
      babel-source (>= 4.0, < 6)
      execjs (~> 2.0)
    backports (3.6.8)
    bcrypt (3.1.11)
    better_errors (2.1.1)
      coderay (>= 1.0.0)
      erubis (>= 2.6.6)
      rack (>= 0.9.0)
    binding_of_caller (0.7.2)
      debug_inspector (>= 0.0.1)
    bootstrap-sass (3.3.6)
      autoprefixer-rails (>= 5.2.1)
      sass (>= 3.3.4)
    bourbon (4.2.7)
      sass (~> 3.4)
      thor (~> 0.19)
    braintree (2.62.0)
      builder (>= 2.0.0)
    builder (3.2.2)
    byebug (9.0.5)
    capistrano (3.5.0)
      airbrussh (>= 1.0.0)
      capistrano-harrow
      i18n
      rake (>= 10.0.0)
      sshkit (>= 1.9.0)
    capistrano-bundler (1.1.4)
      capistrano (~> 3.1)
      sshkit (~> 1.2)
    capistrano-harrow (0.5.1)
    capistrano-rails (1.1.6)
      capistrano (~> 3.1)
      capistrano-bundler (~> 1.1)
    capistrano-rvm (0.1.2)
      capistrano (~> 3.0)
      sshkit (~> 1.2)
    capistrano3-unicorn (0.2.1)
      capistrano (~> 3.1, >= 3.1.0)
    coderay (1.1.1)
    coercible (1.0.0)
      descendants_tracker (~> 0.0.1)
    coffee-rails (4.1.1)
      coffee-script (>= 2.2.0)
      railties (>= 4.0.0, < 5.1.x)
    coffee-script (2.4.1)
      coffee-script-source
      execjs
    coffee-script-source (1.10.0)
    concurrent-ruby (1.0.2)
    contracts (0.13.0)
    debug_inspector (0.0.2)
    descendants_tracker (0.0.4)
      thread_safe (~> 0.3, >= 0.3.1)
    devise (4.1.1)
      bcrypt (~> 3.0)
      orm_adapter (~> 0.1)
      railties (>= 4.1.0, < 5.1)
      responders
      warden (~> 1.2.3)
    domain_name (0.5.20160310)
      unf (>= 0.0.5, < 1.0.0)
    doorkeeper (3.1.0)
      railties (>= 3.2)
    dotenv (2.1.1)
    dotenv-rails (2.1.1)
      dotenv (= 2.1.1)
      railties (>= 4.0, < 5.1)
    dwolla_v2 (0.4.0)
      faraday (~> 0.9)
      faraday_middleware (~> 0.10)
    enumerable-lazy (0.0.1)
    equalizer (0.0.11)
    erubis (2.7.0)
    execjs (2.7.0)
    faraday (0.9.2)
      multipart-post (>= 1.2, < 3)
    faraday_middleware (0.10.0)
      faraday (>= 0.7.4, < 0.10)
    fast_blank (1.0.0)
    fastimage (2.0.0)
      addressable (~> 2)
    ffi (1.9.10)
    formtastic (3.1.4)
      actionpack (>= 3.2.13)
    formtastic_i18n (0.6.0)
    gibbon (2.2.4)
      faraday (>= 0.9.1)
      multi_json (>= 1.11.0)
    globalid (0.3.6)
      activesupport (>= 4.1.0)
    google-api-client (0.9.8)
      addressable (~> 2.3)
      googleauth (~> 0.5)
      httpclient (~> 2.7)
      hurley (~> 0.1)
      memoist (~> 0.11)
      mime-types (>= 1.6)
      representable (~> 2.3.0)
      retriable (~> 2.0)
      thor (~> 0.19)
    google-drive (0.1.6b)
      google_drive (>= 0.3.8)
      middleman-core (>= 3.2.2)
      multipart-post (>= 1.2, < 3)
      oauth2 (>= 0.5.0)
      rack
    google_drive (2.0.1)
      google-api-client (>= 0.9.0, < 1.0.0)
      googleauth (>= 0.5.0, < 1.0.0)
      nokogiri (>= 1.5.3, < 2.0.0)
      oauth (>= 0.3.6, < 1.0.0)
      oauth2 (>= 0.5.0, < 2.0.0)
    googleauth (0.5.1)
      faraday (~> 0.9)
      jwt (~> 1.4)
      logging (~> 2.0)
      memoist (~> 0.12)
      multi_json (~> 1.11)
      os (~> 0.9)
      signet (~> 0.7)
    grape (0.16.2)
      activesupport
      builder
      hashie (>= 2.1.0)
      multi_json (>= 1.3.2)
      multi_xml (>= 0.5.2)
      mustermann19 (~> 0.4.3)
      rack (>= 1.3.0)
      rack-accept
      virtus (>= 1.0.0)
    grape-entity (0.5.1)
      activesupport
      multi_json (>= 1.3.2)
    grape-swagger (0.20.3)
      awesome_print
      grape (>= 0.12.0)
      grape-entity
    grape-swagger-rails (0.2.1)
      grape-swagger (>= 0.7.2)
      railties (>= 3.2.12)
    haml (4.0.7)
      tilt
    hamster (3.0.0)
      concurrent-ruby (~> 1.0)
    has_scope (0.6.0)
      actionpack (>= 3.2, < 5)
      activesupport (>= 3.2, < 5)
    hashie (3.4.4)
    http-cookie (1.0.2)
      domain_name (~> 0.5)
    httpclient (2.8.0)
    hurley (0.2)
    i18n (0.7.0)
    ice_nine (0.11.2)
    inherited_resources (1.6.0)
      actionpack (>= 3.2, < 5)
      has_scope (~> 0.6.0.rc)
      railties (>= 3.2, < 5)
      responders
    jbuilder (2.4.1)
      activesupport (>= 3.0.0, < 5.1)
      multi_json (~> 1.2)
    jquery-rails (4.1.1)
      rails-dom-testing (>= 1, < 3)
      railties (>= 4.2.0)
      thor (>= 0.14, < 2.0)
    jquery-ui-rails (5.0.5)
      railties (>= 3.2.16)
    json (1.8.3)
    jwt (1.5.1)
    kaminari (0.16.3)
      actionpack (>= 3.0.0)
      activesupport (>= 3.0.0)
    kgio (2.10.0)
    kramdown (1.11.1)
    listen (3.0.8)
      rb-fsevent (~> 0.9, >= 0.9.4)
      rb-inotify (~> 0.9, >= 0.9.7)
    little-plugger (1.1.4)
    logging (2.1.0)
      little-plugger (~> 1.1)
      multi_json (~> 1.10)
    loofah (2.0.3)
      nokogiri (>= 1.5.9)
    mail (2.6.4)
      mime-types (>= 1.16, < 4)
    memoist (0.14.0)
    middleman-core (4.1.8)
      activesupport (~> 4.2)
      addressable (~> 2.3)
      backports (~> 3.6)
      bundler (~> 1.1)
      contracts (~> 0.13.0)
      erubis
      execjs (~> 2.0)
      fast_blank
      fastimage (~> 2.0)
      hamster (~> 3.0)
      hashie (~> 3.4)
      i18n (~> 0.7.0)
      listen (~> 3.0.0)
      memoist (~> 0.14)
      padrino-helpers (~> 0.13.0)
      parallel
      rack (>= 1.4.5, < 2.0)
      sass (>= 3.4)
      servolux
      tilt (~> 1.4.1)
      uglifier (~> 3.0)
    mime-types (2.99.2)
    mimemagic (0.3.1)
    mini_portile2 (2.0.0)
    minitest (5.9.0)
    multi_json (1.12.1)
    multi_xml (0.5.5)
    multipart-post (2.0.0)
    mustermann19 (0.4.3)
      enumerable-lazy
    net-scp (1.2.1)
      net-ssh (>= 2.6.5)
    net-ssh (3.1.1)
    netrc (0.11.0)
    nokogiri (1.6.7.2)
      mini_portile2 (~> 2.0.0.rc2)
    oauth (0.5.1)
    oauth2 (1.1.0)
      faraday (>= 0.8, < 0.10)
      jwt (~> 1.0, < 1.5.2)
      multi_json (~> 1.3)
      multi_xml (~> 0.5)
      rack (>= 1.2, < 3)
    omniauth (1.3.1)
      hashie (>= 1.2, < 4)
      rack (>= 1.0, < 3)
    omniauth-auth0 (1.4.1)
      omniauth-oauth2 (~> 1.1)
    omniauth-oauth2 (1.4.0)
      oauth2 (~> 1.0)
      omniauth (~> 1.2)
    orm_adapter (0.5.0)
    os (0.9.6)
    padrino-helpers (0.13.2)
      i18n (~> 0.6, >= 0.6.7)
      padrino-support (= 0.13.2)
      tilt (>= 1.4.1, < 3)
    padrino-support (0.13.2)
      activesupport (>= 3.1)
    parallel (1.8.0)
    paypal-sdk-core (0.3.4)
      multi_json (~> 1.0)
      xml-simple
    paypal-sdk-merchant (1.117.2)
      paypal-sdk-core (~> 0.3.0)
    pg (0.18.4)
    polyamorous (1.3.0)
      activerecord (>= 3.0)
    pundit (1.1.0)
      activesupport (>= 3.0.0)
    rack (1.6.4)
    rack-accept (0.4.5)
      rack (>= 0.4)
    rack-cors (0.4.0)
    rack-jsonp-middleware (0.0.10)
      rack
    rack-test (0.6.3)
      rack (>= 1.0)
    rails (4.2.5.1)
      actionmailer (= 4.2.5.1)
      actionpack (= 4.2.5.1)
      actionview (= 4.2.5.1)
      activejob (= 4.2.5.1)
      activemodel (= 4.2.5.1)
      activerecord (= 4.2.5.1)
      activesupport (= 4.2.5.1)
      bundler (>= 1.3.0, < 2.0)
      railties (= 4.2.5.1)
      sprockets-rails
    rails-deprecated_sanitizer (1.0.3)
      activesupport (>= 4.2.0.alpha)
    rails-dom-testing (1.0.7)
      activesupport (>= 4.2.0.beta, < 5.0)
      nokogiri (~> 1.6.0)
      rails-deprecated_sanitizer (>= 1.0.1)
    rails-html-sanitizer (1.0.3)
      loofah (~> 2.0)
    rails_12factor (0.0.3)
      rails_serve_static_assets
      rails_stdout_logging
    rails_serve_static_assets (0.0.5)
    rails_stdout_logging (0.0.5)
    railties (4.2.5.1)
      actionpack (= 4.2.5.1)
      activesupport (= 4.2.5.1)
      rake (>= 0.8.7)
      thor (>= 0.18.1, < 2.0)
    raindrops (0.16.0)
    rake (11.1.2)
    ransack (1.7.0)
      actionpack (>= 3.0)
      activerecord (>= 3.0)
      activesupport (>= 3.0)
      i18n
      polyamorous (~> 1.2)
    rb-fsevent (0.9.7)
    rb-inotify (0.9.7)
      ffi (>= 0.5.0)
    rdoc (4.2.2)
      json (~> 1.4)
    representable (2.3.0)
      uber (~> 0.0.7)
    responders (2.2.0)
      railties (>= 4.2.0, < 5.1)
    rest-client (1.8.0)
      http-cookie (>= 1.0.2, < 2.0)
      mime-types (>= 1.16, < 3.0)
      netrc (~> 0.7)
    retriable (2.1.0)
    rolify (5.1.0)
    roxml (3.3.1)
      activesupport (>= 2.3.0)
      nokogiri (>= 1.3.3)
    sass (3.4.22)
    sass-rails (5.0.4)
      railties (>= 4.0.0, < 5.0)
      sass (~> 3.1)
      sprockets (>= 2.8, < 4.0)
      sprockets-rails (>= 2.0, < 4.0)
      tilt (>= 1.1, < 3)
    sdoc (0.4.1)
      json (~> 1.7, >= 1.7.7)
      rdoc (~> 4.0)
    seed-fu (2.3.5)
      activerecord (>= 3.1, < 4.3)
      activesupport (>= 3.1, < 4.3)
    sendgrid-ruby (1.1.6)
      faraday (~> 0.9)
      mimemagic
      smtpapi (~> 0.1)
    servolux (0.12.0)
    signet (0.7.2)
      addressable (~> 2.3)
      faraday (~> 0.9)
      jwt (~> 1.5)
      multi_json (~> 1.10)
    simple_form (3.2.1)
      actionpack (> 4, < 5.1)
      activemodel (> 4, < 5.1)
    slim (3.0.7)
      temple (~> 0.7.6)
      tilt (>= 1.3.3, < 2.1)
    slim-rails (3.0.1)
      actionmailer (>= 3.1, < 5.0)
      actionpack (>= 3.1, < 5.0)
      activesupport (>= 3.1, < 5.0)
      railties (>= 3.1, < 5.0)
      slim (~> 3.0)
    smtpapi (0.1.0)
    spring (1.7.1)
    sprockets (3.6.0)
      concurrent-ruby (~> 1.0)
      rack (> 1, < 3)
    sprockets-es6 (0.9.0)
      babel-source (>= 5.8.11)
      babel-transpiler
      sprockets (>= 3.0.0)
    sprockets-rails (3.0.4)
      actionpack (>= 4.0)
      activesupport (>= 4.0)
      sprockets (>= 3.0.0)
    sshkit (1.10.0)
      net-scp (>= 1.1.2)
      net-ssh (>= 2.8.0)
    sucker_punch (2.0.2)
      concurrent-ruby (~> 1.0.0)
    temple (0.7.7)
    thor (0.19.1)
    thread_safe (0.3.5)
    tilt (1.4.1)
    turbolinks (2.5.3)
      coffee-rails
    tzinfo (1.2.2)
      thread_safe (~> 0.1)
    uber (0.0.15)
    uglifier (3.0.0)
      execjs (>= 0.3.0, < 3)
    unf (0.1.4)
      unf_ext
    unf_ext (0.0.7.2)
    unicorn (5.1.0)
      kgio (~> 2.6)
      raindrops (~> 0.7)
    virtus (1.0.5)
      axiom-types (~> 0.1)
      coercible (~> 1.0)
      descendants_tracker (~> 0.0, >= 0.0.3)
      equalizer (~> 0.0, >= 0.0.9)
    warden (1.2.6)
      rack (>= 1.0)
    web-console (2.3.0)
      activemodel (>= 4.0)
      binding_of_caller (>= 0.7.2)
      railties (>= 4.0)
      sprockets-rails (>= 2.0, < 4.0)
    wine_bouncer (0.5.1)
      doorkeeper (>= 1.4, < 4.0)
      grape (~> 0.10, < 1.0)
    xml-simple (1.1.5)

PLATFORMS
  ruby

DEPENDENCIES
  activeadmin!
  activemerchant
  authorizenet
  better_errors
  binding_of_caller
  bootstrap-sass (~> 3.3.6)
  braintree
  bulma-rails!
  byebug
  capistrano-rails (~> 1.1)
  capistrano-rvm
  capistrano3-unicorn
  devise
  doorkeeper
  dotenv-rails
  dwolla_v2 (~> 0.2)
  gibbon
  google-drive
  grape
  grape-entity
  grape-swagger
  grape-swagger-rails
  haml
  jbuilder (~> 2.0)
  jquery-rails
  jquery-ui-rails
  kramdown
  omniauth (~> 1.3.1)
  omniauth-auth0 (~> 1.4.1)
  paypal-sdk-merchant
  pg
  pundit
  rack-cors
  rack-jsonp-middleware
  rails (= 4.2.5.1)
  rails_12factor
  rest-client
  rolify
  sass-rails (~> 5.0)
  sdoc (~> 0.4.0)
  seed-fu (~> 2.3)
  sendgrid-ruby
  simple_form
  slim-rails
  spring
  sprockets (>= 3.0.0)
  sprockets-es6
  sprockets-rails
  sucker_punch (~> 2.0)
  turbolinks
  uglifier (>= 1.3.0)
  unicorn
  web-console (~> 2.0)
  wine_bouncer (~> 0.5.1)

BUNDLED WITH
   1.11.2
